GEM
  remote: https://rubygems.org/
  specs:
    activemodel (6.1.1)
      activesupport (= 6.1.1)
    activesupport (6.1.1)
      concurrent-ruby (~> 1.0, >= 1.0.2)
      i18n (>= 1.6, < 2)
      minitest (>= 5.1)
      tzinfo (~> 2.0)
      zeitwerk (~> 2.3)
    awrence (1.1.1)
    binance-ruby (0.6.1)
      activesupport (>= 5.1.0)
      awrence (~> 1.0)
      httparty (~> 0.15)
    bitstamp (0.3.0)
      activemodel (>= 3.1)
      activesupport (>= 3.1)
      curb (> 0.8.1)
      ruby-hmac (= 0.4.0)
    concurrent-ruby (1.1.7)
    curb (0.9.11)
    haml (5.2.1)
      temple (>= 0.8.0)
      tilt
    hashie (4.1.0)
    httparty (0.18.1)
      mime-types (~> 3.0)
      multi_xml (>= 0.5.2)
    i18n (1.8.7)
      concurrent-ruby (~> 1.0)
    inflecto (0.0.2)
    mime-types (3.3.1)
      mime-types-data (~> 3.2015)
    mime-types-data (3.2020.1104)
    minitest (5.14.3)
    multi_xml (0.6.0)
    nio4r (2.5.4)
    oj (3.10.18)
    puma (5.1.1)
      nio4r (~> 2.0)
    rack (2.2.3.1)
    roda (3.39.0)
      rack
    roda-http-auth (0.2.0)
      roda (>= 2.0, < 4.0)
    ruby-hmac (0.4.0)
    temple (0.8.2)
    tilt (2.0.10)
    tzinfo (2.0.4)
      concurrent-ruby (~> 1.0)
    zeitwerk (2.4.2)

PLATFORMS
  ruby

DEPENDENCIES
  binance-ruby
  bitstamp
  haml
  hashie
  inflecto
  oj
  puma
  rack
  roda
  roda-http-auth

BUNDLED WITH
   2.1.4
